GEM
  remote: https://rubygems.org/
  specs:
    awesome_print (1.6.1)
    byebug (8.1.0)

PLATFORMS
  ruby

DEPENDENCIES
  awesome_print
  byebug

RUBY VERSION
   ruby 2.3.1p112

BUNDLED WITH
   1.12.5
